GEM
  remote: http://rubygems.org/
  specs:
    builder (3.0.0)
    cucumber (0.10.0)
      builder (>= 2.1.2)
      diff-lcs (~> 1.1.2)
      gherkin (~> 2.3.2)
      json (~> 1.4.6)
      term-ansicolor (~> 1.0.5)
    diff-lcs (1.1.2)
    gherkin (2.3.3)
      json (~> 1.4.6)
    git (1.2.5)
    growl_notify (0.0.1)
      rb-appscript
    guard (0.8.3)
      thor (~> 0.14.6)
    guard-cucumber (0.6.1)
      cucumber (>= 0.10)
      guard (>= 0.4.0)
    guard-rspec (0.4.5)
      guard (>= 0.4.0)
    jeweler (1.5.2)
      bundler (~> 1.0.0)
      git (>= 1.2.5)
      rake
    json (1.4.6)
    multi_json (1.0.3)
    rake (0.8.7)
    rb-appscript (0.6.1)
    rb-fsevent (0.4.3.1)
    rspec (2.4.0)
      rspec-core (~> 2.4.0)
      rspec-expectations (~> 2.4.0)
      rspec-mocks (~> 2.4.0)
    rspec-core (2.4.0)
    rspec-expectations (2.4.0)
      diff-lcs (~> 1.1.2)
    rspec-given (1.4.0)
      rspec (> 1.2.8)
    rspec-mocks (2.4.0)
    simplecov (0.5.3)
      multi_json (~> 1.0.3)
      simplecov-html (~> 0.5.3)
    simplecov-html (0.5.3)
    term-ansicolor (1.0.5)
    thor (0.14.6)

PLATFORMS
  ruby

DEPENDENCIES
  cucumber
  growl_notify
  guard-cucumber
  guard-rspec
  jeweler (~> 1.5.2)
  rb-fsevent
  rspec
  rspec-given
  simplecov
